PATH
  remote: .
  specs:
    sinatra_doc (0.0.1)
      json (~> 2.0)
      sorbet-runtime (~> 0.4)

GEM
  remote: https://rubygems.org/
  specs:
    json (2.2.0)
    mustermann (1.0.3)
    rack (2.0.7)
    rack-protection (2.0.5)
      rack
    sinatra (2.0.5)
      mustermann (~> 1.0)
      rack (~> 2.0)
      rack-protection (= 2.0.5)
      tilt (~> 2.0)
    sorbet (0.4.4394)
      sorbet-static (= 0.4.4394)
    sorbet-runtime (0.4.4664)
    sorbet-static (0.4.4394-universal-darwin-14)
    tilt (2.0.9)

PLATFORMS
  ruby

DEPENDENCIES
  sinatra (~> 2.0)
  sinatra_doc!
  sorbet (~> 0.4)

BUNDLED WITH
   2.0.1
