PATH
  remote: .
  specs:
    sinatra_doc (0.0.1)
      json (~> 2.0)

GEM
  remote: https://rubygems.org/
  specs:
    json (2.2.0)
    mustermann (1.0.3)
    rack (2.0.7)
    rack-protection (2.0.5)
      rack
    sinatra (2.0.5)
      mustermann (~> 1.0)
      rack (~> 2.0)
      rack-protection (= 2.0.5)
      tilt (~> 2.0)
    tilt (2.0.9)

PLATFORMS
  ruby

DEPENDENCIES
  sinatra (~> 2.0)
  sinatra_doc!

BUNDLED WITH
   2.0.1
