PATH
  remote: .
  specs:
    sinatra_doc (0.0.1)
      json (~> 2.0)
      sinatra-advanced-routes (= 0.5.3)
      sorbet-runtime (= 0.4.4394)

GEM
  remote: https://rubygems.org/
  specs:
    json (2.2.0)
    rack (1.6.11)
    rack-protection (1.5.5)
      rack
    sinatra (1.4.8)
      rack (~> 1.5)
      rack-protection (~> 1.4)
      tilt (>= 1.3, < 3)
    sinatra-advanced-routes (0.5.3)
      sinatra (~> 1.0)
    sorbet (0.4.4394)
      sorbet-static (= 0.4.4394)
    sorbet-runtime (0.4.4394)
    sorbet-static (0.4.4394-universal-darwin-14)
    tilt (2.0.9)

PLATFORMS
  ruby

DEPENDENCIES
  sinatra_doc!
  sorbet (= 0.4.4394)

BUNDLED WITH
   2.0.1
